REDIRECTS: ON
COPY-LOCAL: TRUE
CONTENT: NONE
FRAMEWORK: NET40, NET45
NUGET
  remote: https://www.nuget.org/api/v2
  specs:
    CsQuery (1.3.4)
    dotNetRDF (1.0.9.3683)
      HtmlAgilityPack (>= 1.4.9)
      Newtonsoft.Json (>= 6.0.8)
      VDS.Common (1.6.0)
    FakeItEasy (2.0.0)
    FluentAssertions (4.2.2)
    Fody (1.29.4)
    gitlink (2.2)
    GitVersionTask (3.4.1)
    HtmlAgilityPack (1.4.9)
    ImpromptuInterface (6.2.2)
    JetBrainsAnnotations.Fody (1.0.4)
      Fody (>= 1.29.2)
    JsonLD.Entities (0.3.3)
      json-ld.net (>= 1.0.5)
    json-ld.net (1.0.5)
      NETStandard.Library (>= 1.5.0-rc2-24027)
      Newtonsoft.Json (>= 6.0.4)
      System.Dynamic.Runtime (>= 4.0.11-rc2-24027)
      System.Security.Cryptography.Algorithms (>= 4.1.0-rc2-24027)
      System.Text.RegularExpressions (>= 4.0.12-rc2-24027)
    Microsoft.NETCore.Platforms (1.0.1-rc2-24027)
      Microsoft.NETCore.Targets (>= 1.0.1-rc2-24027)
    Microsoft.NETCore.Runtime (1.0.2-rc2-24027)
      Microsoft.NETCore.Runtime.CoreCLR (>= 1.0.2-rc2-24027)
      Microsoft.NETCore.Runtime.Native (>= 1.0.2-rc2-24027)
    Microsoft.NETCore.Runtime.CoreCLR (1.0.2-rc2-24027)
      Microsoft.NETCore.Windows.ApiSets (>= 1.0.1-rc2-24027)
    Microsoft.NETCore.Runtime.Native (1.0.2-rc2-24027)
    Microsoft.NETCore.Targets (1.0.1-rc2-24027)
    Microsoft.NETCore.Windows.ApiSets (1.0.1-rc2-24027)
    Microsoft.Owin (3.0.1)
      Owin (>= 1.0)
    Microsoft.Owin.Host.SystemWeb (3.0.1)
      Microsoft.Owin (>= 3.0.1)
      Owin (>= 1.0)
    Microsoft.Owin.Hosting (3.0.1)
      Microsoft.Owin (>= 3.0.1)
      Owin (>= 1.0)
    Microsoft.Win32.Primitives (4.0.1-rc2-24027)
      System.Runtime (>= 4.1.0-rc2-24027)
    Nancy (1.4.3)
    Nancy.Authentication.Basic (1.4.1)
      Nancy (>= 1.4.1)
    Nancy.Owin (1.4.1)
      Nancy (>= 1.4.1)
      Owin (>= 1.0)
    Nancy.Testing (1.4.1)
      CsQuery (>= 1.3.3)
      Nancy (>= 1.4.1)
    NETStandard.Library (1.5.0-rc2-24027)
      Microsoft.NETCore.Platforms (>= 1.0.1-rc2-24027)
      Microsoft.NETCore.Runtime (>= 1.0.2-rc2-24027)
      Microsoft.Win32.Primitives (>= 4.0.1-rc2-24027)
      System.AppContext (>= 4.1.0-rc2-24027)
      System.Collections (>= 4.0.11-rc2-24027)
      System.Collections.Concurrent (>= 4.0.12-rc2-24027)
      System.Console (>= 4.0.0-rc2-24027)
      System.Diagnostics.Debug (>= 4.0.11-rc2-24027)
      System.Diagnostics.Tools (>= 4.0.1-rc2-24027)
      System.Diagnostics.Tracing (>= 4.1.0-rc2-24027)
      System.Globalization (>= 4.0.11-rc2-24027)
      System.Globalization.Calendars (>= 4.0.1-rc2-24027)
      System.IO (>= 4.1.0-rc2-24027)
      System.IO.Compression (>= 4.1.0-rc2-24027)
      System.IO.Compression.ZipFile (>= 4.0.1-rc2-24027)
      System.IO.FileSystem (>= 4.0.1-rc2-24027)
      System.IO.FileSystem.Primitives (>= 4.0.1-rc2-24027)
      System.Linq (>= 4.1.0-rc2-24027)
      System.Net.Http (>= 4.0.1-rc2-24027)
      System.Net.Primitives (>= 4.0.11-rc2-24027)
      System.Net.Sockets (>= 4.1.0-rc2-24027)
      System.ObjectModel (>= 4.0.12-rc2-24027)
      System.Reflection (>= 4.1.0-rc2-24027)
      System.Reflection.Extensions (>= 4.0.1-rc2-24027)
      System.Reflection.Primitives (>= 4.0.1-rc2-24027)
      System.Resources.ResourceManager (>= 4.0.1-rc2-24027)
      System.Runtime (>= 4.1.0-rc2-24027)
      System.Runtime.Extensions (>= 4.1.0-rc2-24027)
      System.Runtime.Handles (>= 4.0.1-rc2-24027)
      System.Runtime.InteropServices (>= 4.1.0-rc2-24027)
      System.Runtime.InteropServices.RuntimeInformation (>= 4.0.0-rc2-24027)
      System.Runtime.Numerics (>= 4.0.1-rc2-24027)
      System.Text.Encoding (>= 4.0.11-rc2-24027)
      System.Text.Encoding.Extensions (>= 4.0.11-rc2-24027)
      System.Text.RegularExpressions (>= 4.0.12-rc2-24027)
      System.Threading (>= 4.0.11-rc2-24027)
      System.Threading.Tasks (>= 4.0.11-rc2-24027)
      System.Threading.Timer (>= 4.0.1-rc2-24027)
      System.Xml.ReaderWriter (>= 4.0.11-rc2-24027)
      System.Xml.XDocument (>= 4.0.11-rc2-24027)
    Newtonsoft.Json (8.0.3)
    NullGuard.Fody (1.4.6)
      Fody (>= 1.29.2)
    OpenCover (4.6.519)
    Owin (1.0)
    Rdf.Vocabularies (1.1.1)
    Resourcer.Fody (1.4.1)
      Fody (>= 1.29.2)
    runtime.native.System (4.0.0-rc2-24027)
    runtime.native.System.IO.Compression (4.1.0-rc2-24027)
    runtime.native.System.Net.Http (4.0.1-rc2-24027)
    runtime.native.System.Security.Cryptography (4.0.0-rc2-24027)
    StyleCop.MSBuild (4.7.50)
    StyleCopPlus.MSBuild (4.7.49.5)
      StyleCop.MSBuild (>= 4.7.49.0)
    System.AppContext (4.1.0-rc2-24027)
      System.Runtime (>= 4.1.0-rc2-24027)
    System.Buffers (4.0.0-rc2-24027)
      System.Diagnostics.Debug (>= 4.0.11-rc2-24027)
      System.Diagnostics.Tracing (>= 4.1.0-rc2-24027)
      System.Resources.ResourceManager (>= 4.0.1-rc2-24027)
      System.Runtime (>= 4.1.0-rc2-24027)
      System.Threading (>= 4.0.11-rc2-24027)
    System.Collections (4.0.11-rc2-24027)
      System.Runtime (>= 4.1.0-rc2-24027)
    System.Collections.Concurrent (4.0.12-rc2-24027)
      System.Collections (>= 4.0.11-rc2-24027)
      System.Diagnostics.Debug (>= 4.0.11-rc2-24027)
      System.Diagnostics.Tracing (>= 4.1.0-rc2-24027)
      System.Globalization (>= 4.0.11-rc2-24027)
      System.Reflection (>= 4.1.0-rc2-24027)
      System.Resources.ResourceManager (>= 4.0.1-rc2-24027)
      System.Runtime (>= 4.1.0-rc2-24027)
      System.Runtime.Extensions (>= 4.1.0-rc2-24027)
      System.Threading (>= 4.0.11-rc2-24027)
      System.Threading.Tasks (>= 4.0.11-rc2-24027)
    System.Console (4.0.0-rc2-24027)
      System.IO (>= 4.1.0-rc2-24027)
      System.Runtime (>= 4.1.0-rc2-24027)
      System.Text.Encoding (>= 4.0.11-rc2-24027)
    System.Diagnostics.Debug (4.0.11-rc2-24027)
      System.Runtime (>= 4.1.0-rc2-24027)
    System.Diagnostics.DiagnosticSource (4.0.0-rc2-24027)
      System.Collections (>= 4.0.11-rc2-24027)
      System.Diagnostics.Tracing (>= 4.1.0-rc2-24027)
      System.Reflection (>= 4.1.0-rc2-24027)
      System.Runtime (>= 4.1.0-rc2-24027)
      System.Threading (>= 4.0.11-rc2-24027)
    System.Diagnostics.Tools (4.0.1-rc2-24027)
      System.Runtime (>= 4.1.0-rc2-24027)
    System.Diagnostics.Tracing (4.1.0-rc2-24027)
      System.Runtime (>= 4.1.0-rc2-24027)
    System.Dynamic.Runtime (4.0.11-rc2-24027)
      System.Collections (>= 4.0.11-rc2-24027)
      System.Diagnostics.Debug (>= 4.0.11-rc2-24027)
      System.Globalization (>= 4.0.11-rc2-24027)
      System.Linq (>= 4.1.0-rc2-24027)
      System.Linq.Expressions (>= 4.0.11-rc2-24027)
      System.ObjectModel (>= 4.0.12-rc2-24027)
      System.Reflection (>= 4.1.0-rc2-24027)
      System.Reflection.Emit (>= 4.0.1-rc2-24027)
      System.Reflection.Emit.ILGeneration (>= 4.0.1-rc2-24027)
      System.Reflection.Primitives (>= 4.0.1-rc2-24027)
      System.Reflection.TypeExtensions (>= 4.1.0-rc2-24027)
      System.Resources.ResourceManager (>= 4.0.1-rc2-24027)
      System.Runtime (>= 4.1.0-rc2-24027)
      System.Runtime.Extensions (>= 4.1.0-rc2-24027)
      System.Threading (>= 4.0.11-rc2-24027)
    System.Globalization (4.0.11-rc2-24027)
      System.Runtime (>= 4.1.0-rc2-24027)
    System.Globalization.Calendars (4.0.1-rc2-24027)
      System.Globalization (>= 4.0.11-rc2-24027)
      System.Runtime (>= 4.1.0-rc2-24027)
    System.IO (4.1.0-rc2-24027)
      System.Runtime (>= 4.1.0-rc2-24027)
      System.Text.Encoding (>= 4.0.11-rc2-24027)
      System.Threading.Tasks (>= 4.0.11-rc2-24027)
    System.IO.Compression (4.1.0-rc2-24027)
      runtime.native.System.IO.Compression (>= 4.1.0-rc2-24027)
      System.Collections (>= 4.0.11-rc2-24027)
      System.Diagnostics.Debug (>= 4.0.11-rc2-24027)
      System.IO (>= 4.1.0-rc2-24027)
      System.Resources.ResourceManager (>= 4.0.1-rc2-24027)
      System.Runtime (>= 4.1.0-rc2-24027)
      System.Runtime.Extensions (>= 4.1.0-rc2-24027)
      System.Runtime.Handles (>= 4.0.1-rc2-24027)
      System.Runtime.InteropServices (>= 4.1.0-rc2-24027)
      System.Text.Encoding (>= 4.0.11-rc2-24027)
      System.Threading (>= 4.0.11-rc2-24027)
      System.Threading.Tasks (>= 4.0.11-rc2-24027)
    System.IO.Compression.ZipFile (4.0.1-rc2-24027)
      System.Buffers (>= 4.0.0-rc2-24027)
      System.IO (>= 4.1.0-rc2-24027)
      System.IO.Compression (>= 4.1.0-rc2-24027)
      System.IO.FileSystem (>= 4.0.1-rc2-24027)
      System.IO.FileSystem.Primitives (>= 4.0.1-rc2-24027)
      System.Resources.ResourceManager (>= 4.0.1-rc2-24027)
      System.Runtime (>= 4.1.0-rc2-24027)
      System.Runtime.Extensions (>= 4.1.0-rc2-24027)
      System.Text.Encoding (>= 4.0.11-rc2-24027)
    System.IO.FileSystem (4.0.1-rc2-24027)
      System.IO (>= 4.1.0-rc2-24027)
      System.IO.FileSystem.Primitives (>= 4.0.1-rc2-24027)
      System.Runtime (>= 4.1.0-rc2-24027)
      System.Runtime.Handles (>= 4.0.1-rc2-24027)
      System.Text.Encoding (>= 4.0.11-rc2-24027)
      System.Threading.Tasks (>= 4.0.11-rc2-24027)
    System.IO.FileSystem.Primitives (4.0.1-rc2-24027)
      System.Runtime (>= 4.1.0-rc2-24027)
    System.IO.FileSystem.Watcher (4.0.0-rc2-24027)
      Microsoft.Win32.Primitives (>= 4.0.1-rc2-24027)
      runtime.native.System (>= 4.0.0-rc2-24027)
      System.Collections (>= 4.0.11-rc2-24027)
      System.IO.FileSystem (>= 4.0.1-rc2-24027)
      System.IO.FileSystem.Primitives (>= 4.0.1-rc2-24027)
      System.Resources.ResourceManager (>= 4.0.1-rc2-24027)
      System.Runtime (>= 4.1.0-rc2-24027)
      System.Runtime.Extensions (>= 4.1.0-rc2-24027)
      System.Runtime.Handles (>= 4.0.1-rc2-24027)
      System.Runtime.InteropServices (>= 4.1.0-rc2-24027)
      System.Text.Encoding (>= 4.0.11-rc2-24027)
      System.Threading (>= 4.0.11-rc2-24027)
      System.Threading.Overlapped (>= 4.0.1-rc2-24027)
      System.Threading.Tasks (>= 4.0.11-rc2-24027)
      System.Threading.Thread (>= 4.0.0-rc2-24027)
    System.Linq (4.1.0-rc2-24027)
      System.Collections (>= 4.0.11-rc2-24027)
      System.Diagnostics.Debug (>= 4.0.11-rc2-24027)
      System.Resources.ResourceManager (>= 4.0.1-rc2-24027)
      System.Runtime (>= 4.1.0-rc2-24027)
      System.Runtime.Extensions (>= 4.1.0-rc2-24027)
    System.Linq.Expressions (4.0.11-rc2-24027)
      System.Collections (>= 4.0.11-rc2-24027)
      System.Diagnostics.Debug (>= 4.0.11-rc2-24027)
      System.Globalization (>= 4.0.11-rc2-24027)
      System.IO (>= 4.1.0-rc2-24027)
      System.Linq (>= 4.1.0-rc2-24027)
      System.ObjectModel (>= 4.0.12-rc2-24027)
      System.Reflection (>= 4.1.0-rc2-24027)
      System.Reflection.Emit (>= 4.0.1-rc2-24027)
      System.Reflection.Emit.ILGeneration (>= 4.0.1-rc2-24027)
      System.Reflection.Emit.Lightweight (>= 4.0.1-rc2-24027)
      System.Reflection.Extensions (>= 4.0.1-rc2-24027)
      System.Reflection.Primitives (>= 4.0.1-rc2-24027)
      System.Reflection.TypeExtensions (>= 4.1.0-rc2-24027)
      System.Resources.ResourceManager (>= 4.0.1-rc2-24027)
      System.Runtime (>= 4.1.0-rc2-24027)
      System.Runtime.Extensions (>= 4.1.0-rc2-24027)
      System.Threading (>= 4.0.11-rc2-24027)
    System.Net.Http (4.0.1-rc2-24027)
      Microsoft.Win32.Primitives (>= 4.0.1-rc2-24027)
      runtime.native.System (>= 4.0.0-rc2-24027)
      runtime.native.System.Net.Http (>= 4.0.1-rc2-24027)
      runtime.native.System.Security.Cryptography (>= 4.0.0-rc2-24027)
      System.Collections (>= 4.0.11-rc2-24027)
      System.Diagnostics.Debug (>= 4.0.11-rc2-24027)
      System.Diagnostics.DiagnosticSource (>= 4.0.0-rc2-24027)
      System.Diagnostics.Tracing (>= 4.1.0-rc2-24027)
      System.Globalization (>= 4.0.11-rc2-24027)
      System.IO (>= 4.1.0-rc2-24027)
      System.IO.Compression (>= 4.1.0-rc2-24027)
      System.IO.FileSystem (>= 4.0.1-rc2-24027)
      System.Net.Primitives (>= 4.0.11-rc2-24027)
      System.Resources.ResourceManager (>= 4.0.1-rc2-24027)
      System.Runtime (>= 4.1.0-rc2-24027)
      System.Runtime.Extensions (>= 4.1.0-rc2-24027)
      System.Runtime.Handles (>= 4.0.1-rc2-24027)
      System.Runtime.InteropServices (>= 4.1.0-rc2-24027)
      System.Security.Cryptography.Algorithms (>= 4.1.0-rc2-24027)
      System.Security.Cryptography.Encoding (>= 4.0.0-rc2-24027)
      System.Security.Cryptography.OpenSsl (>= 4.0.0-rc2-24027)
      System.Security.Cryptography.Primitives (>= 4.0.0-rc2-24027)
      System.Security.Cryptography.X509Certificates (>= 4.1.0-rc2-24027)
      System.Text.Encoding (>= 4.0.11-rc2-24027)
      System.Threading (>= 4.0.11-rc2-24027)
      System.Threading.Tasks (>= 4.0.11-rc2-24027)
    System.Net.Primitives (4.0.11-rc2-24027)
      System.Runtime (>= 4.1.0-rc2-24027)
      System.Runtime.Handles (>= 4.0.1-rc2-24027)
    System.Net.Sockets (4.1.0-rc2-24027)
      System.IO (>= 4.1.0-rc2-24027)
      System.Net.Primitives (>= 4.0.11-rc2-24027)
      System.Runtime (>= 4.1.0-rc2-24027)
      System.Threading.Tasks (>= 4.0.11-rc2-24027)
    System.ObjectModel (4.0.12-rc2-24027)
      System.Collections (>= 4.0.11-rc2-24027)
      System.Diagnostics.Debug (>= 4.0.11-rc2-24027)
      System.Resources.ResourceManager (>= 4.0.1-rc2-24027)
      System.Runtime (>= 4.1.0-rc2-24027)
      System.Threading (>= 4.0.11-rc2-24027)
    System.Reflection (4.1.0-rc2-24027)
      System.IO (>= 4.1.0-rc2-24027)
      System.Reflection.Primitives (>= 4.0.1-rc2-24027)
      System.Runtime (>= 4.1.0-rc2-24027)
    System.Reflection.Emit (4.0.1-rc2-24027)
      System.IO (>= 4.1.0-rc2-24027)
      System.Reflection (>= 4.1.0-rc2-24027)
      System.Reflection.Emit.ILGeneration (>= 4.0.1-rc2-24027)
      System.Reflection.Primitives (>= 4.0.1-rc2-24027)
      System.Runtime (>= 4.1.0-rc2-24027)
    System.Reflection.Emit.ILGeneration (4.0.1-rc2-24027)
      System.Reflection (>= 4.1.0-rc2-24027)
      System.Reflection.Primitives (>= 4.0.1-rc2-24027)
      System.Runtime (>= 4.1.0-rc2-24027)
    System.Reflection.Emit.Lightweight (4.0.1-rc2-24027)
      System.Reflection (>= 4.1.0-rc2-24027)
      System.Reflection.Emit.ILGeneration (>= 4.0.1-rc2-24027)
      System.Reflection.Primitives (>= 4.0.1-rc2-24027)
      System.Runtime (>= 4.1.0-rc2-24027)
    System.Reflection.Extensions (4.0.1-rc2-24027)
      System.Reflection (>= 4.1.0-rc2-24027)
      System.Runtime (>= 4.1.0-rc2-24027)
    System.Reflection.Primitives (4.0.1-rc2-24027)
      System.Runtime (>= 4.1.0-rc2-24027)
    System.Reflection.TypeExtensions (4.1.0-rc2-24027)
      System.Reflection (>= 4.1.0-rc2-24027)
      System.Runtime (>= 4.1.0-rc2-24027)
    System.Resources.ResourceManager (4.0.1-rc2-24027)
      System.Globalization (>= 4.0.11-rc2-24027)
      System.Reflection (>= 4.1.0-rc2-24027)
      System.Runtime (>= 4.1.0-rc2-24027)
    System.Runtime (4.1.0-rc2-24027)
    System.Runtime.Extensions (4.1.0-rc2-24027)
      System.Runtime (>= 4.1.0-rc2-24027)
    System.Runtime.Handles (4.0.1-rc2-24027)
      System.Runtime (>= 4.1.0-rc2-24027)
    System.Runtime.InteropServices (4.1.0-rc2-24027)
      System.Reflection (>= 4.1.0-rc2-24027)
      System.Reflection.Primitives (>= 4.0.1-rc2-24027)
      System.Runtime (>= 4.1.0-rc2-24027)
      System.Runtime.Handles (>= 4.0.1-rc2-24027)
      System.Runtime.InteropServices.PInvoke (>= 4.0.0-rc2-24027)
    System.Runtime.InteropServices.PInvoke (4.0.0-rc2-24027)
      System.Runtime (>= 4.1.0-rc2-24027)
      System.Runtime.Handles (>= 4.0.1-rc2-24027)
    System.Runtime.InteropServices.RuntimeInformation (4.0.0-rc2-24027)
      System.Runtime (>= 4.1.0-rc2-24027)
    System.Runtime.Numerics (4.0.1-rc2-24027)
      System.Globalization (>= 4.0.11-rc2-24027)
      System.Resources.ResourceManager (>= 4.0.1-rc2-24027)
      System.Runtime (>= 4.1.0-rc2-24027)
      System.Runtime.Extensions (>= 4.1.0-rc2-24027)
    System.Security.Cryptography.Algorithms (4.1.0-rc2-24027)
      System.IO (>= 4.1.0-rc2-24027)
      System.Resources.ResourceManager (>= 4.0.1-rc2-24027)
      System.Runtime (>= 4.1.0-rc2-24027)
      System.Runtime.Extensions (>= 4.1.0-rc2-24027)
      System.Runtime.Handles (>= 4.0.1-rc2-24027)
      System.Runtime.InteropServices (>= 4.1.0-rc2-24027)
      System.Security.Cryptography.Primitives (>= 4.0.0-rc2-24027)
      System.Text.Encoding (>= 4.0.11-rc2-24027)
    System.Security.Cryptography.Cng (4.1.0-rc2-24027)
      System.IO (>= 4.1.0-rc2-24027)
      System.Resources.ResourceManager (>= 4.0.1-rc2-24027)
      System.Runtime (>= 4.1.0-rc2-24027)
      System.Runtime.Extensions (>= 4.1.0-rc2-24027)
      System.Runtime.Handles (>= 4.0.1-rc2-24027)
      System.Runtime.InteropServices (>= 4.1.0-rc2-24027)
      System.Security.Cryptography.Algorithms (>= 4.1.0-rc2-24027)
      System.Security.Cryptography.Primitives (>= 4.0.0-rc2-24027)
      System.Text.Encoding (>= 4.0.11-rc2-24027)
    System.Security.Cryptography.Csp (4.0.0-rc2-24027)
      System.IO (>= 4.1.0-rc2-24027)
      System.Reflection (>= 4.1.0-rc2-24027)
      System.Resources.ResourceManager (>= 4.0.1-rc2-24027)
      System.Runtime (>= 4.1.0-rc2-24027)
      System.Runtime.Extensions (>= 4.1.0-rc2-24027)
      System.Runtime.Handles (>= 4.0.1-rc2-24027)
      System.Runtime.InteropServices (>= 4.1.0-rc2-24027)
      System.Security.Cryptography.Algorithms (>= 4.1.0-rc2-24027)
      System.Security.Cryptography.Encoding (>= 4.0.0-rc2-24027)
      System.Security.Cryptography.Primitives (>= 4.0.0-rc2-24027)
      System.Text.Encoding (>= 4.0.11-rc2-24027)
      System.Threading (>= 4.0.11-rc2-24027)
    System.Security.Cryptography.Encoding (4.0.0-rc2-24027)
      runtime.native.System.Security.Cryptography (>= 4.0.0-rc2-24027)
      System.Collections (>= 4.0.11-rc2-24027)
      System.Collections.Concurrent (>= 4.0.12-rc2-24027)
      System.Diagnostics.Debug (>= 4.0.11-rc2-24027)
      System.Linq (>= 4.1.0-rc2-24027)
      System.Resources.ResourceManager (>= 4.0.1-rc2-24027)
      System.Runtime (>= 4.1.0-rc2-24027)
      System.Runtime.Extensions (>= 4.1.0-rc2-24027)
      System.Runtime.Handles (>= 4.0.1-rc2-24027)
      System.Runtime.InteropServices (>= 4.1.0-rc2-24027)
      System.Security.Cryptography.Primitives (>= 4.0.0-rc2-24027)
      System.Text.Encoding (>= 4.0.11-rc2-24027)
    System.Security.Cryptography.OpenSsl (4.0.0-rc2-24027)
      runtime.native.System.Security.Cryptography (>= 4.0.0-rc2-24027)
      System.Collections (>= 4.0.11-rc2-24027)
      System.IO (>= 4.1.0-rc2-24027)
      System.Resources.ResourceManager (>= 4.0.1-rc2-24027)
      System.Runtime (>= 4.1.0-rc2-24027)
      System.Runtime.Extensions (>= 4.1.0-rc2-24027)
      System.Runtime.Handles (>= 4.0.1-rc2-24027)
      System.Runtime.InteropServices (>= 4.1.0-rc2-24027)
      System.Runtime.Numerics (>= 4.0.1-rc2-24027)
      System.Security.Cryptography.Algorithms (>= 4.1.0-rc2-24027)
      System.Security.Cryptography.Encoding (>= 4.0.0-rc2-24027)
      System.Security.Cryptography.Primitives (>= 4.0.0-rc2-24027)
      System.Text.Encoding (>= 4.0.11-rc2-24027)
    System.Security.Cryptography.Primitives (4.0.0-rc2-24027)
      System.Diagnostics.Debug (>= 4.0.11-rc2-24027)
      System.Globalization (>= 4.0.11-rc2-24027)
      System.IO (>= 4.1.0-rc2-24027)
      System.Resources.ResourceManager (>= 4.0.1-rc2-24027)
      System.Runtime (>= 4.1.0-rc2-24027)
      System.Threading (>= 4.0.11-rc2-24027)
      System.Threading.Tasks (>= 4.0.11-rc2-24027)
    System.Security.Cryptography.X509Certificates (4.1.0-rc2-24027)
      runtime.native.System (>= 4.0.0-rc2-24027)
      runtime.native.System.Net.Http (>= 4.0.1-rc2-24027)
      runtime.native.System.Security.Cryptography (>= 4.0.0-rc2-24027)
      System.Collections (>= 4.0.11-rc2-24027)
      System.Diagnostics.Debug (>= 4.0.11-rc2-24027)
      System.Globalization (>= 4.0.11-rc2-24027)
      System.Globalization.Calendars (>= 4.0.1-rc2-24027)
      System.IO (>= 4.1.0-rc2-24027)
      System.IO.FileSystem (>= 4.0.1-rc2-24027)
      System.IO.FileSystem.Primitives (>= 4.0.1-rc2-24027)
      System.IO.FileSystem.Watcher (>= 4.0.0-rc2-24027)
      System.Resources.ResourceManager (>= 4.0.1-rc2-24027)
      System.Runtime (>= 4.1.0-rc2-24027)
      System.Runtime.Extensions (>= 4.1.0-rc2-24027)
      System.Runtime.Handles (>= 4.0.1-rc2-24027)
      System.Runtime.InteropServices (>= 4.1.0-rc2-24027)
      System.Runtime.Numerics (>= 4.0.1-rc2-24027)
      System.Security.Cryptography.Algorithms (>= 4.1.0-rc2-24027)
      System.Security.Cryptography.Cng (>= 4.1.0-rc2-24027)
      System.Security.Cryptography.Csp (>= 4.0.0-rc2-24027)
      System.Security.Cryptography.Encoding (>= 4.0.0-rc2-24027)
      System.Security.Cryptography.OpenSsl (>= 4.0.0-rc2-24027)
      System.Security.Cryptography.Primitives (>= 4.0.0-rc2-24027)
      System.Text.Encoding (>= 4.0.11-rc2-24027)
      System.Threading (>= 4.0.11-rc2-24027)
    System.Text.Encoding (4.0.11-rc2-24027)
      System.Runtime (>= 4.1.0-rc2-24027)
    System.Text.Encoding.Extensions (4.0.11-rc2-24027)
      System.Runtime (>= 4.1.0-rc2-24027)
      System.Text.Encoding (>= 4.0.11-rc2-24027)
    System.Text.RegularExpressions (4.0.12-rc2-24027)
      System.Collections (>= 4.0.11-rc2-24027)
      System.Globalization (>= 4.0.11-rc2-24027)
      System.Resources.ResourceManager (>= 4.0.1-rc2-24027)
      System.Runtime (>= 4.1.0-rc2-24027)
      System.Runtime.Extensions (>= 4.1.0-rc2-24027)
      System.Threading (>= 4.0.11-rc2-24027)
    System.Threading (4.0.11-rc2-24027)
      System.Runtime (>= 4.1.0-rc2-24027)
      System.Threading.Tasks (>= 4.0.11-rc2-24027)
    System.Threading.Overlapped (4.0.1-rc2-24027)
      System.Resources.ResourceManager (>= 4.0.1-rc2-24027)
      System.Runtime (>= 4.1.0-rc2-24027)
      System.Runtime.Handles (>= 4.0.1-rc2-24027)
    System.Threading.Tasks (4.0.11-rc2-24027)
      System.Runtime (>= 4.1.0-rc2-24027)
    System.Threading.Tasks.Extensions (4.0.0-rc2-24027)
      System.Collections (>= 4.0.11-rc2-24027)
      System.Runtime (>= 4.1.0-rc2-24027)
      System.Threading.Tasks (>= 4.0.11-rc2-24027)
    System.Threading.Thread (4.0.0-rc2-24027)
      System.Runtime (>= 4.1.0-rc2-24027)
    System.Threading.Timer (4.0.1-rc2-24027)
      System.Runtime (>= 4.1.0-rc2-24027)
    System.Xml.ReaderWriter (4.0.11-rc2-24027)
      System.Collections (>= 4.0.11-rc2-24027)
      System.Diagnostics.Debug (>= 4.0.11-rc2-24027)
      System.Globalization (>= 4.0.11-rc2-24027)
      System.IO (>= 4.1.0-rc2-24027)
      System.IO.FileSystem (>= 4.0.1-rc2-24027)
      System.IO.FileSystem.Primitives (>= 4.0.1-rc2-24027)
      System.Resources.ResourceManager (>= 4.0.1-rc2-24027)
      System.Runtime (>= 4.1.0-rc2-24027)
      System.Runtime.Extensions (>= 4.1.0-rc2-24027)
      System.Runtime.InteropServices (>= 4.1.0-rc2-24027)
      System.Text.Encoding (>= 4.0.11-rc2-24027)
      System.Text.Encoding.Extensions (>= 4.0.11-rc2-24027)
      System.Text.RegularExpressions (>= 4.0.12-rc2-24027)
      System.Threading.Tasks (>= 4.0.11-rc2-24027)
      System.Threading.Tasks.Extensions (>= 4.0.0-rc2-24027)
    System.Xml.XDocument (4.0.11-rc2-24027)
      System.Collections (>= 4.0.11-rc2-24027)
      System.Diagnostics.Debug (>= 4.0.11-rc2-24027)
      System.Diagnostics.Tools (>= 4.0.1-rc2-24027)
      System.Globalization (>= 4.0.11-rc2-24027)
      System.IO (>= 4.1.0-rc2-24027)
      System.Reflection (>= 4.1.0-rc2-24027)
      System.Resources.ResourceManager (>= 4.0.1-rc2-24027)
      System.Runtime (>= 4.1.0-rc2-24027)
      System.Runtime.Extensions (>= 4.1.0-rc2-24027)
      System.Text.Encoding (>= 4.0.11-rc2-24027)
      System.Threading (>= 4.0.11-rc2-24027)
      System.Xml.ReaderWriter (>= 4.0.11-rc2-24027)
    TunnelVisionLabs.Net.UriTemplate (1.0.0-beta004)
    VDS.Common (1.6.0)
    xunit (2.1)
      xunit.assert (2.1.0)
      xunit.core (2.1.0)
    xunit.abstractions (2.0.0) - framework: net45
    xunit.assert (2.1.0)
    xunit.core (2.1.0)
      xunit.extensibility.core (2.1.0) - framework: net45
      xunit.extensibility.execution (2.1.0) - framework: net45
    xunit.extensibility.core (2.1.0) - framework: net45
      xunit.abstractions (2.0.0)
    xunit.extensibility.execution (2.1.0) - framework: net45
      xunit.extensibility.core (2.1.0) - framework: net45
  remote: https://ci.appveyor.com/nuget/nancy-rdf-kh5o73kjrn37
  specs:
    Nancy.Rdf (0.2.1)
      dotNetRDF
      JsonLD.Entities (>= 0.3.3)
      Nancy
      Rdf.Vocabularies
HTTP
  remote: https://gist.githubusercontent.com
  specs:
    vocabulary.tt (/tpluscode/5d9c6983004c1c9ec91f/raw/2a5f0785c2686635f1b8ab21af1751d276d02727/vocabulary.tt)
  remote: https://raw.githubusercontent.com
  specs:
    core.jsonld (/HydraCG/Specifications/master/spec/latest/core/core.jsonld)
  remote: http://rdf-translator.appspot.com
  specs:
    hydra.rdf (/convert/json-ld/xml/https%3A%2F%2Fraw.githubusercontent.com%2FHydraCG%2FSpecifications%2Fmaster%2Fspec%2Flatest%2Fcore%2Fcore.jsonld)