REDIRECTS: ON
STORAGE: NONE
COPY-LOCAL: TRUE
HTTP
  remote: https://gist.githubusercontent.com
    vocabulary.tt (/tpluscode/5d9c6983004c1c9ec91f/raw/2a5f0785c2686635f1b8ab21af1751d276d02727/vocabulary.tt)
  remote: https://raw.githubusercontent.com
    core.jsonld (/HydraCG/Specifications/master/spec/latest/core/core.jsonld)
  remote: http://rdf-translator.appspot.com
    hydra.rdf (/convert/json-ld/xml/https%3A%2F%2Fraw.githubusercontent.com%2FHydraCG%2FSpecifications%2Fmaster%2Fspec%2Flatest%2Fcore%2Fcore.jsonld)
GROUP addins
NUGET
  remote: https://www.nuget.org/api/v2
    Cake.Codecov (0.5)
    Cake.Paket (4.0)

GROUP modules
NUGET
  remote: https://www.nuget.org/api/v2
    Cake.Paket.Module (4.0)

GROUP tools
NUGET
  remote: https://www.nuget.org/api/v2
    Cake (0.33)
    Codecov (1.4)
    GitVersion.CommandLine (4.0)
    JetBrains.dotCover.CommandLineTools (2018.3.4)
    OpenCover (4.7.922)
    ReportGenerator (4.1.4)
