REDIRECTS: ON
COPY-LOCAL: TRUE
CONTENT: NONE
FRAMEWORK: NET452
NUGET
  remote: https://www.nuget.org/api/v2
  specs:
    AngleSharp (0.9.9)
      System.Collections (>= 4.0.11)
      System.Diagnostics.Debug (>= 4.0.11)
      System.Dynamic.Runtime (>= 4.0.11)
      System.IO (>= 4.1.0)
      System.Linq (>= 4.1.0)
      System.Net.Primitives (>= 4.0.11)
      System.Net.Requests (>= 4.0.11)
      System.Reflection (>= 4.1.0)
      System.Reflection.Extensions (>= 4.0.1)
      System.Resources.ResourceManager (>= 4.0.1)
      System.Runtime (>= 4.1.0)
      System.Runtime.Extensions (>= 4.1.0)
      System.Text.Encoding (>= 4.0.11)
      System.Text.Encoding.Extensions (>= 4.0.11)
      System.Text.RegularExpressions (>= 4.1.0)
      System.Threading (>= 4.0.11)
      System.Threading.Tasks (>= 4.0.11)
    dotNetRDF (1.0.12)
      HtmlAgilityPack (>= 1.4.9)
      Newtonsoft.Json (>= 8.0.3)
      VDS.Common (1.6.4)
    FakeItEasy (2.3.1)
    FluentAssertions (4.17)
      NETStandard.Library (>= 1.6.0)
      System.Reflection.TypeExtensions (>= 4.1.0)
    Fody (1.29.4)
    gitlink (2.3)
    GitVersionTask (3.6.4)
    HtmlAgilityPack (1.4.9.5)
    ImpromptuInterface (6.2.2)
    JetBrainsAnnotations.Fody (1.0.5)
      Fody (>= 1.29.2)
    JsonLD.Entities (0.3.4)
      json-ld.net (>= 1.0.5)
      Newtonsoft.Json (>= 9.0.0)
    json-ld.net (1.0.5)
      NETStandard.Library (>= 1.5.0-rc2-24027)
      Newtonsoft.Json (>= 6.0.4)
      System.Dynamic.Runtime (>= 4.0.11-rc2-24027)
      System.Security.Cryptography.Algorithms (>= 4.1.0-rc2-24027)
      System.Text.RegularExpressions (>= 4.0.12-rc2-24027)
    Microsoft.CSharp (4.3.0)
      System.Collections (>= 4.3.0)
      System.Diagnostics.Debug (>= 4.3.0)
      System.Dynamic.Runtime (>= 4.3.0)
      System.Globalization (>= 4.3.0)
      System.Linq (>= 4.3.0)
      System.Linq.Expressions (>= 4.3.0)
      System.ObjectModel (>= 4.3.0)
      System.Reflection (>= 4.3.0)
      System.Reflection.Extensions (>= 4.3.0)
      System.Reflection.Primitives (>= 4.3.0)
      System.Reflection.TypeExtensions (>= 4.3.0)
      System.Resources.ResourceManager (>= 4.3.0)
      System.Runtime (>= 4.3.0)
      System.Runtime.Extensions (>= 4.3.0)
      System.Runtime.InteropServices (>= 4.3.0)
      System.Threading (>= 4.3.0)
    Microsoft.DotNet.PlatformAbstractions (1.1)
      System.AppContext (>= 4.1.0)
      System.Collections (>= 4.0.11)
      System.IO (>= 4.1.0)
      System.IO.FileSystem (>= 4.0.1)
      System.Reflection.TypeExtensions (>= 4.1.0)
      System.Runtime.Extensions (>= 4.1.0)
      System.Runtime.InteropServices (>= 4.1.0)
      System.Runtime.InteropServices.RuntimeInformation (>= 4.0.0)
    Microsoft.Extensions.DependencyModel (1.1)
      Microsoft.DotNet.PlatformAbstractions (>= 1.1.0)
      Newtonsoft.Json (>= 9.0.1)
      System.Diagnostics.Debug (>= 4.0.11)
      System.Dynamic.Runtime (>= 4.0.11)
      System.Linq (>= 4.1.0)
    Microsoft.Extensions.PlatformAbstractions (1.1.0)
      NETStandard.Library (>= 1.6.1)
      System.Reflection.TypeExtensions (>= 4.3.0)
    Microsoft.NETCore.Platforms (1.1.0)
    Microsoft.NETCore.Targets (1.1.0)
    Microsoft.Owin (3.0.1)
      Owin (>= 1.0)
    Microsoft.Owin.Host.SystemWeb (3.0.1)
      Microsoft.Owin (>= 3.0.1)
      Owin (>= 1.0)
    Microsoft.Owin.Hosting (3.0.1)
      Microsoft.Owin (>= 3.0.1)
      Owin (>= 1.0)
    Microsoft.Win32.Primitives (4.3.0)
      Microsoft.NETCore.Platforms (>= 1.1.0)
      Microsoft.NETCore.Targets (>= 1.1.0)
      System.Runtime (>= 4.3.0)
    Nancy (2.0.0-barneyrubble)
      Microsoft.CSharp (>= 4.0.1)
      Microsoft.Extensions.DependencyModel (>= 1.0.0)
      Microsoft.Extensions.PlatformAbstractions (>= 1.0.0)
      System.Collections.Concurrent (>= 4.0.12)
      System.Collections.Specialized (>= 4.0.1)
      System.ComponentModel.TypeConverter (>= 4.1.0)
      System.Console (>= 4.0.0)
      System.Data.Common (>= 4.1.0)
      System.Diagnostics.Tools (>= 4.0.1)
      System.Dynamic.Runtime (>= 4.0.11)
      System.IO (>= 4.1.0)
      System.IO.FileSystem (>= 4.0.1)
      System.Linq (>= 4.1.0)
      System.Net.NameResolution (>= 4.0.0)
      System.Net.Primitives (>= 4.0.11)
      System.Reflection.Extensions (>= 4.0.1)
      System.Reflection.TypeExtensions (>= 4.1.0)
      System.Runtime (>= 4.1.0)
      System.Runtime.Serialization.Primitives (>= 4.1.1)
      System.Security.Claims (>= 4.0.1)
      System.Security.Cryptography.Algorithms (>= 4.2.0)
      System.Security.Cryptography.X509Certificates (>= 4.1.0)
      System.Text.RegularExpressions (>= 4.1.0)
      System.Threading (>= 4.0.11)
      System.Threading.Thread (>= 4.0.0)
      System.Xml.XmlSerializer (>= 4.0.11)
    Nancy.Authentication.Basic (2.0.0-barneyrubble)
      Nancy (>= 2.0.0-barneyrubble)
    Nancy.Authentication.Forms (2.0.0-barneyrubble)
      Nancy (>= 2.0.0-barneyrubble)
    Nancy.Owin (2.0.0-barneyrubble)
      Nancy (>= 2.0.0-barneyrubble)
      Owin (>= 1.0.0)
    Nancy.Rdf (0.3.0-beta0001)
      dotNetRDF
      JsonLD.Entities (>= 0.3.3)
      Nancy (>= 0.0.0-prerelease)
      Rdf.Vocabularies
    Nancy.Testing (2.0.0-barneyrubble)
      AngleSharp (>= 0.9.5)
      Nancy (>= 2.0.0-barneyrubble)
      Nancy.Authentication.Forms (>= 2.0.0-barneyrubble)
      System.Xml.XDocument (>= 4.0.11)
      System.Xml.XmlDocument (>= 4.0.1)
    NETStandard.Library (1.6.1)
      Microsoft.NETCore.Platforms (>= 1.1.0)
      Microsoft.Win32.Primitives (>= 4.3.0)
      System.AppContext (>= 4.3.0)
      System.Collections (>= 4.3.0)
      System.Collections.Concurrent (>= 4.3.0)
      System.Console (>= 4.3.0)
      System.Diagnostics.Debug (>= 4.3.0)
      System.Diagnostics.Tools (>= 4.3.0)
      System.Diagnostics.Tracing (>= 4.3.0)
      System.Globalization (>= 4.3.0)
      System.Globalization.Calendars (>= 4.3.0)
      System.IO (>= 4.3.0)
      System.IO.Compression (>= 4.3.0)
      System.IO.Compression.ZipFile (>= 4.3.0)
      System.IO.FileSystem (>= 4.3.0)
      System.IO.FileSystem.Primitives (>= 4.3.0)
      System.Linq (>= 4.3.0)
      System.Linq.Expressions (>= 4.3.0)
      System.Net.Http (>= 4.3.0)
      System.Net.Primitives (>= 4.3.0)
      System.Net.Sockets (>= 4.3.0)
      System.ObjectModel (>= 4.3.0)
      System.Reflection (>= 4.3.0)
      System.Reflection.Extensions (>= 4.3.0)
      System.Reflection.Primitives (>= 4.3.0)
      System.Resources.ResourceManager (>= 4.3.0)
      System.Runtime (>= 4.3.0)
      System.Runtime.Extensions (>= 4.3.0)
      System.Runtime.Handles (>= 4.3.0)
      System.Runtime.InteropServices (>= 4.3.0)
      System.Runtime.InteropServices.RuntimeInformation (>= 4.3.0)
      System.Runtime.Numerics (>= 4.3.0)
      System.Security.Cryptography.Algorithms (>= 4.3.0)
      System.Security.Cryptography.Encoding (>= 4.3.0)
      System.Security.Cryptography.Primitives (>= 4.3.0)
      System.Security.Cryptography.X509Certificates (>= 4.3.0)
      System.Text.Encoding (>= 4.3.0)
      System.Text.Encoding.Extensions (>= 4.3.0)
      System.Text.RegularExpressions (>= 4.3.0)
      System.Threading (>= 4.3.0)
      System.Threading.Tasks (>= 4.3.0)
      System.Threading.Timer (>= 4.3.0)
      System.Xml.ReaderWriter (>= 4.3.0)
      System.Xml.XDocument (>= 4.3.0)
    Newtonsoft.Json (9.0.1)
      Microsoft.CSharp (>= 4.0.1)
      System.Collections (>= 4.0.11)
      System.Diagnostics.Debug (>= 4.0.11)
      System.Dynamic.Runtime (>= 4.0.11)
      System.Globalization (>= 4.0.11)
      System.IO (>= 4.1.0)
      System.Linq (>= 4.1.0)
      System.Linq.Expressions (>= 4.1.0)
      System.ObjectModel (>= 4.0.12)
      System.Reflection (>= 4.1.0)
      System.Reflection.Extensions (>= 4.0.1)
      System.Resources.ResourceManager (>= 4.0.1)
      System.Runtime (>= 4.1.0)
      System.Runtime.Extensions (>= 4.1.0)
      System.Runtime.Serialization.Primitives (>= 4.1.1)
      System.Text.Encoding (>= 4.0.11)
      System.Text.Encoding.Extensions (>= 4.0.11)
      System.Text.RegularExpressions (>= 4.1.0)
      System.Threading (>= 4.0.11)
      System.Threading.Tasks (>= 4.0.11)
      System.Xml.ReaderWriter (>= 4.0.11)
      System.Xml.XDocument (>= 4.0.11)
    NullGuard.Fody (1.4.6)
      Fody (>= 1.29.2)
    OpenCover (4.6.519)
    Owin (1.0)
    Rdf.Vocabularies (1.1.1)
    Resourcer.Fody (1.4.2)
      Fody (>= 1.29.2)
    runtime.debian.8-x64.runtime.native.System.Security.Cryptography.OpenSsl (4.3.0)
    runtime.fedora.23-x64.runtime.native.System.Security.Cryptography.OpenSsl (4.3.0)
    runtime.fedora.24-x64.runtime.native.System.Security.Cryptography.OpenSsl (4.3.0)
    runtime.native.System (4.3.0)
      Microsoft.NETCore.Platforms (>= 1.1.0)
      Microsoft.NETCore.Targets (>= 1.1.0)
    runtime.native.System.IO.Compression (4.3.0)
      Microsoft.NETCore.Platforms (>= 1.1.0)
      Microsoft.NETCore.Targets (>= 1.1.0)
    runtime.native.System.Net.Http (4.3.0)
      Microsoft.NETCore.Platforms (>= 1.1.0)
      Microsoft.NETCore.Targets (>= 1.1.0)
    runtime.native.System.Security.Cryptography.Apple (4.3.0)
      runtime.osx.10.10-x64.runtime.native.System.Security.Cryptography.Apple (>= 4.3.0)
    runtime.native.System.Security.Cryptography.OpenSsl (4.3.0)
      runtime.debian.8-x64.runtime.native.System.Security.Cryptography.OpenSsl (>= 4.3.0)
      runtime.fedora.23-x64.runtime.native.System.Security.Cryptography.OpenSsl (>= 4.3.0)
      runtime.fedora.24-x64.runtime.native.System.Security.Cryptography.OpenSsl (>= 4.3.0)
      runtime.opensuse.13.2-x64.runtime.native.System.Security.Cryptography.OpenSsl (>= 4.3.0)
      runtime.opensuse.42.1-x64.runtime.native.System.Security.Cryptography.OpenSsl (>= 4.3.0)
      runtime.osx.10.10-x64.runtime.native.System.Security.Cryptography.OpenSsl (>= 4.3.0)
      runtime.rhel.7-x64.runtime.native.System.Security.Cryptography.OpenSsl (>= 4.3.0)
      runtime.ubuntu.14.04-x64.runtime.native.System.Security.Cryptography.OpenSsl (>= 4.3.0)
      runtime.ubuntu.16.04-x64.runtime.native.System.Security.Cryptography.OpenSsl (>= 4.3.0)
      runtime.ubuntu.16.10-x64.runtime.native.System.Security.Cryptography.OpenSsl (>= 4.3.0)
    runtime.opensuse.13.2-x64.runtime.native.System.Security.Cryptography.OpenSsl (4.3.0)
    runtime.opensuse.42.1-x64.runtime.native.System.Security.Cryptography.OpenSsl (4.3.0)
    runtime.osx.10.10-x64.runtime.native.System.Security.Cryptography.Apple (4.3.0)
    runtime.osx.10.10-x64.runtime.native.System.Security.Cryptography.OpenSsl (4.3.0)
    runtime.rhel.7-x64.runtime.native.System.Security.Cryptography.OpenSsl (4.3.0)
    runtime.ubuntu.14.04-x64.runtime.native.System.Security.Cryptography.OpenSsl (4.3.0)
    runtime.ubuntu.16.04-x64.runtime.native.System.Security.Cryptography.OpenSsl (4.3.0)
    runtime.ubuntu.16.10-x64.runtime.native.System.Security.Cryptography.OpenSsl (4.3.0)
    StyleCop.MSBuild (4.7.55)
    StyleCopPlus.MSBuild (4.7.49.5)
      StyleCop.MSBuild (>= 4.7.49.0)
    System.AppContext (4.3.0)
      System.Runtime (>= 4.3.0)
    System.Buffers (4.3.0)
      System.Diagnostics.Debug (>= 4.3.0)
      System.Diagnostics.Tracing (>= 4.3.0)
      System.Resources.ResourceManager (>= 4.3.0)
      System.Runtime (>= 4.3.0)
      System.Threading (>= 4.3.0)
    System.Collections (4.3.0)
      Microsoft.NETCore.Platforms (>= 1.1.0)
      Microsoft.NETCore.Targets (>= 1.1.0)
      System.Runtime (>= 4.3.0)
    System.Collections.Concurrent (4.3.0)
      System.Collections (>= 4.3.0)
      System.Diagnostics.Debug (>= 4.3.0)
      System.Diagnostics.Tracing (>= 4.3.0)
      System.Globalization (>= 4.3.0)
      System.Reflection (>= 4.3.0)
      System.Resources.ResourceManager (>= 4.3.0)
      System.Runtime (>= 4.3.0)
      System.Runtime.Extensions (>= 4.3.0)
      System.Threading (>= 4.3.0)
      System.Threading.Tasks (>= 4.3.0)
    System.Collections.NonGeneric (4.3.0)
      System.Diagnostics.Debug (>= 4.3.0)
      System.Globalization (>= 4.3.0)
      System.Resources.ResourceManager (>= 4.3.0)
      System.Runtime (>= 4.3.0)
      System.Runtime.Extensions (>= 4.3.0)
      System.Threading (>= 4.3.0)
    System.Collections.Specialized (4.3.0)
      System.Collections.NonGeneric (>= 4.3.0)
      System.Globalization (>= 4.3.0)
      System.Globalization.Extensions (>= 4.3.0)
      System.Resources.ResourceManager (>= 4.3.0)
      System.Runtime (>= 4.3.0)
      System.Runtime.Extensions (>= 4.3.0)
      System.Threading (>= 4.3.0)
    System.ComponentModel (4.3.0)
      System.Runtime (>= 4.3.0)
    System.ComponentModel.Primitives (4.3.0)
      System.ComponentModel (>= 4.3.0)
      System.Resources.ResourceManager (>= 4.3.0)
      System.Runtime (>= 4.3.0)
    System.ComponentModel.TypeConverter (4.3.0)
      System.Collections (>= 4.3.0)
      System.Collections.NonGeneric (>= 4.3.0)
      System.Collections.Specialized (>= 4.3.0)
      System.ComponentModel (>= 4.3.0)
      System.ComponentModel.Primitives (>= 4.3.0)
      System.Globalization (>= 4.3.0)
      System.Linq (>= 4.3.0)
      System.Reflection (>= 4.3.0)
      System.Reflection.Extensions (>= 4.3.0)
      System.Reflection.Primitives (>= 4.3.0)
      System.Reflection.TypeExtensions (>= 4.3.0)
      System.Resources.ResourceManager (>= 4.3.0)
      System.Runtime (>= 4.3.0)
      System.Runtime.Extensions (>= 4.3.0)
      System.Threading (>= 4.3.0)
    System.Console (4.3.0)
      Microsoft.NETCore.Platforms (>= 1.1.0)
      Microsoft.NETCore.Targets (>= 1.1.0)
      System.IO (>= 4.3.0)
      System.Runtime (>= 4.3.0)
      System.Text.Encoding (>= 4.3.0)
    System.Data.Common (4.3.0)
      System.Collections (>= 4.3.0)
      System.Globalization (>= 4.3.0)
      System.IO (>= 4.3.0)
      System.Resources.ResourceManager (>= 4.3.0)
      System.Runtime (>= 4.3.0)
      System.Runtime.Extensions (>= 4.3.0)
      System.Text.RegularExpressions (>= 4.3.0)
      System.Threading.Tasks (>= 4.3.0)
    System.Diagnostics.Debug (4.3.0)
      Microsoft.NETCore.Platforms (>= 1.1.0)
      Microsoft.NETCore.Targets (>= 1.1.0)
      System.Runtime (>= 4.3.0)
    System.Diagnostics.DiagnosticSource (4.3.0)
      System.Collections (>= 4.3.0)
      System.Diagnostics.Tracing (>= 4.3.0)
      System.Reflection (>= 4.3.0)
      System.Runtime (>= 4.3.0)
      System.Threading (>= 4.3.0)
    System.Diagnostics.Tools (4.3.0)
      Microsoft.NETCore.Platforms (>= 1.1.0)
      Microsoft.NETCore.Targets (>= 1.1.0)
      System.Runtime (>= 4.3.0)
    System.Diagnostics.Tracing (4.3.0)
      Microsoft.NETCore.Platforms (>= 1.1.0)
      Microsoft.NETCore.Targets (>= 1.1.0)
      System.Runtime (>= 4.3.0)
    System.Dynamic.Runtime (4.3.0)
      System.Collections (>= 4.3.0)
      System.Diagnostics.Debug (>= 4.3.0)
      System.Linq (>= 4.3.0)
      System.Linq.Expressions (>= 4.3.0)
      System.ObjectModel (>= 4.3.0)
      System.Reflection (>= 4.3.0)
      System.Reflection.Emit (>= 4.3.0)
      System.Reflection.Emit.ILGeneration (>= 4.3.0)
      System.Reflection.Primitives (>= 4.3.0)
      System.Reflection.TypeExtensions (>= 4.3.0)
      System.Resources.ResourceManager (>= 4.3.0)
      System.Runtime (>= 4.3.0)
      System.Runtime.Extensions (>= 4.3.0)
      System.Threading (>= 4.3.0)
    System.Globalization (4.3.0)
      Microsoft.NETCore.Platforms (>= 1.1.0)
      Microsoft.NETCore.Targets (>= 1.1.0)
      System.Runtime (>= 4.3.0)
    System.Globalization.Calendars (4.3.0)
      Microsoft.NETCore.Platforms (>= 1.1.0)
      Microsoft.NETCore.Targets (>= 1.1.0)
      System.Globalization (>= 4.3.0)
      System.Runtime (>= 4.3.0)
    System.Globalization.Extensions (4.3.0)
      Microsoft.NETCore.Platforms (>= 1.1.0)
      System.Globalization (>= 4.3.0)
      System.Resources.ResourceManager (>= 4.3.0)
      System.Runtime (>= 4.3.0)
      System.Runtime.Extensions (>= 4.3.0)
      System.Runtime.InteropServices (>= 4.3.0)
    System.IO (4.3.0)
      Microsoft.NETCore.Platforms (>= 1.1.0)
      Microsoft.NETCore.Targets (>= 1.1.0)
      System.Runtime (>= 4.3.0)
      System.Text.Encoding (>= 4.3.0)
      System.Threading.Tasks (>= 4.3.0)
    System.IO.Compression (4.3.0)
      Microsoft.NETCore.Platforms (>= 1.1.0)
      runtime.native.System (>= 4.3.0)
      runtime.native.System.IO.Compression (>= 4.3.0)
      System.Buffers (>= 4.3.0)
      System.Collections (>= 4.3.0)
      System.Diagnostics.Debug (>= 4.3.0)
      System.IO (>= 4.3.0)
      System.Resources.ResourceManager (>= 4.3.0)
      System.Runtime (>= 4.3.0)
      System.Runtime.Extensions (>= 4.3.0)
      System.Runtime.Handles (>= 4.3.0)
      System.Runtime.InteropServices (>= 4.3.0)
      System.Text.Encoding (>= 4.3.0)
      System.Threading (>= 4.3.0)
      System.Threading.Tasks (>= 4.3.0)
    System.IO.Compression.ZipFile (4.3.0)
      System.Buffers (>= 4.3.0)
      System.IO (>= 4.3.0)
      System.IO.Compression (>= 4.3.0)
      System.IO.FileSystem (>= 4.3.0)
      System.IO.FileSystem.Primitives (>= 4.3.0)
      System.Resources.ResourceManager (>= 4.3.0)
      System.Runtime (>= 4.3.0)
      System.Runtime.Extensions (>= 4.3.0)
      System.Text.Encoding (>= 4.3.0)
    System.IO.FileSystem (4.3.0)
      Microsoft.NETCore.Platforms (>= 1.1.0)
      Microsoft.NETCore.Targets (>= 1.1.0)
      System.IO (>= 4.3.0)
      System.IO.FileSystem.Primitives (>= 4.3.0)
      System.Runtime (>= 4.3.0)
      System.Runtime.Handles (>= 4.3.0)
      System.Text.Encoding (>= 4.3.0)
      System.Threading.Tasks (>= 4.3.0)
    System.IO.FileSystem.Primitives (4.3.0)
      System.Runtime (>= 4.3.0)
    System.Linq (4.3.0)
      System.Collections (>= 4.3.0)
      System.Diagnostics.Debug (>= 4.3.0)
      System.Resources.ResourceManager (>= 4.3.0)
      System.Runtime (>= 4.3.0)
      System.Runtime.Extensions (>= 4.3.0)
    System.Linq.Expressions (4.3.0)
      System.Collections (>= 4.3.0)
      System.Diagnostics.Debug (>= 4.3.0)
      System.Globalization (>= 4.3.0)
      System.IO (>= 4.3.0)
      System.Linq (>= 4.3.0)
      System.ObjectModel (>= 4.3.0)
      System.Reflection (>= 4.3.0)
      System.Reflection.Emit (>= 4.3.0)
      System.Reflection.Emit.ILGeneration (>= 4.3.0)
      System.Reflection.Emit.Lightweight (>= 4.3.0)
      System.Reflection.Extensions (>= 4.3.0)
      System.Reflection.Primitives (>= 4.3.0)
      System.Reflection.TypeExtensions (>= 4.3.0)
      System.Resources.ResourceManager (>= 4.3.0)
      System.Runtime (>= 4.3.0)
      System.Runtime.Extensions (>= 4.3.0)
      System.Threading (>= 4.3.0)
    System.Net.Http (4.3.0)
      Microsoft.NETCore.Platforms (>= 1.1.0)
      Microsoft.Win32.Primitives (>= 4.3.0)
      runtime.native.System (>= 4.3.0)
      runtime.native.System.Net.Http (>= 4.3.0)
      runtime.native.System.Security.Cryptography.OpenSsl (>= 4.3.0)
      System.Collections (>= 4.3.0)
      System.Diagnostics.Debug (>= 4.3.0)
      System.Diagnostics.DiagnosticSource (>= 4.3.0)
      System.Diagnostics.Tracing (>= 4.3.0)
      System.Globalization (>= 4.3.0)
      System.Globalization.Extensions (>= 4.3.0)
      System.IO (>= 4.3.0)
      System.IO.Compression (>= 4.3.0)
      System.IO.FileSystem (>= 4.3.0)
      System.Net.Primitives (>= 4.3.0)
      System.Resources.ResourceManager (>= 4.3.0)
      System.Runtime (>= 4.3.0)
      System.Runtime.Extensions (>= 4.3.0)
      System.Runtime.Handles (>= 4.3.0)
      System.Runtime.InteropServices (>= 4.3.0)
      System.Security.Cryptography.Algorithms (>= 4.3.0)
      System.Security.Cryptography.Encoding (>= 4.3.0)
      System.Security.Cryptography.OpenSsl (>= 4.3.0)
      System.Security.Cryptography.Primitives (>= 4.3.0)
      System.Security.Cryptography.X509Certificates (>= 4.3.0)
      System.Text.Encoding (>= 4.3.0)
      System.Threading (>= 4.3.0)
      System.Threading.Tasks (>= 4.3.0)
    System.Net.NameResolution (4.3.0)
      Microsoft.NETCore.Platforms (>= 1.1.0)
      runtime.native.System (>= 4.3.0)
      System.Collections (>= 4.3.0)
      System.Diagnostics.Tracing (>= 4.3.0)
      System.Globalization (>= 4.3.0)
      System.Net.Primitives (>= 4.3.0)
      System.Resources.ResourceManager (>= 4.3.0)
      System.Runtime (>= 4.3.0)
      System.Runtime.Extensions (>= 4.3.0)
      System.Runtime.Handles (>= 4.3.0)
      System.Runtime.InteropServices (>= 4.3.0)
      System.Security.Principal.Windows (>= 4.3.0)
      System.Threading (>= 4.3.0)
      System.Threading.Tasks (>= 4.3.0)
    System.Net.Primitives (4.3.0)
      Microsoft.NETCore.Platforms (>= 1.1.0)
      Microsoft.NETCore.Targets (>= 1.1.0)
      System.Runtime (>= 4.3.0)
      System.Runtime.Handles (>= 4.3.0)
    System.Net.Requests (4.3.0)
      Microsoft.NETCore.Platforms (>= 1.1.0)
      System.Collections (>= 4.3.0)
      System.Diagnostics.Debug (>= 4.3.0)
      System.Diagnostics.Tracing (>= 4.3.0)
      System.Globalization (>= 4.3.0)
      System.IO (>= 4.3.0)
      System.Net.Http (>= 4.3.0)
      System.Net.Primitives (>= 4.3.0)
      System.Net.WebHeaderCollection (>= 4.3.0)
      System.Resources.ResourceManager (>= 4.3.0)
      System.Runtime (>= 4.3.0)
      System.Threading (>= 4.3.0)
      System.Threading.Tasks (>= 4.3.0)
    System.Net.Sockets (4.3.0)
      Microsoft.NETCore.Platforms (>= 1.1.0)
      Microsoft.NETCore.Targets (>= 1.1.0)
      System.IO (>= 4.3.0)
      System.Net.Primitives (>= 4.3.0)
      System.Runtime (>= 4.3.0)
      System.Threading.Tasks (>= 4.3.0)
    System.Net.WebHeaderCollection (4.3.0)
      System.Collections (>= 4.3.0)
      System.Resources.ResourceManager (>= 4.3.0)
      System.Runtime (>= 4.3.0)
      System.Runtime.Extensions (>= 4.3.0)
    System.ObjectModel (4.3.0)
      System.Collections (>= 4.3.0)
      System.Diagnostics.Debug (>= 4.3.0)
      System.Resources.ResourceManager (>= 4.3.0)
      System.Runtime (>= 4.3.0)
      System.Threading (>= 4.3.0)
    System.Reflection (4.3.0)
      Microsoft.NETCore.Platforms (>= 1.1.0)
      Microsoft.NETCore.Targets (>= 1.1.0)
      System.IO (>= 4.3.0)
      System.Reflection.Primitives (>= 4.3.0)
      System.Runtime (>= 4.3.0)
    System.Reflection.Emit (4.3.0)
      System.IO (>= 4.3.0)
      System.Reflection (>= 4.3.0)
      System.Reflection.Emit.ILGeneration (>= 4.3.0)
      System.Reflection.Primitives (>= 4.3.0)
      System.Runtime (>= 4.3.0)
    System.Reflection.Emit.ILGeneration (4.3.0)
      System.Reflection (>= 4.3.0)
      System.Reflection.Primitives (>= 4.3.0)
      System.Runtime (>= 4.3.0)
    System.Reflection.Emit.Lightweight (4.3.0)
      System.Reflection (>= 4.3.0)
      System.Reflection.Emit.ILGeneration (>= 4.3.0)
      System.Reflection.Primitives (>= 4.3.0)
      System.Runtime (>= 4.3.0)
    System.Reflection.Extensions (4.3.0)
      Microsoft.NETCore.Platforms (>= 1.1.0)
      Microsoft.NETCore.Targets (>= 1.1.0)
      System.Reflection (>= 4.3.0)
      System.Runtime (>= 4.3.0)
    System.Reflection.Primitives (4.3.0)
      Microsoft.NETCore.Platforms (>= 1.1.0)
      Microsoft.NETCore.Targets (>= 1.1.0)
      System.Runtime (>= 4.3.0)
    System.Reflection.TypeExtensions (4.3.0)
      System.Reflection (>= 4.3.0)
      System.Runtime (>= 4.3.0)
    System.Resources.ResourceManager (4.3.0)
      Microsoft.NETCore.Platforms (>= 1.1.0)
      Microsoft.NETCore.Targets (>= 1.1.0)
      System.Globalization (>= 4.3.0)
      System.Reflection (>= 4.3.0)
      System.Runtime (>= 4.3.0)
    System.Runtime (4.3.0)
      Microsoft.NETCore.Platforms (>= 1.1.0)
      Microsoft.NETCore.Targets (>= 1.1.0)
    System.Runtime.Extensions (4.3.0)
      Microsoft.NETCore.Platforms (>= 1.1.0)
      Microsoft.NETCore.Targets (>= 1.1.0)
      System.Runtime (>= 4.3.0)
    System.Runtime.Handles (4.3.0)
      Microsoft.NETCore.Platforms (>= 1.1.0)
      Microsoft.NETCore.Targets (>= 1.1.0)
      System.Runtime (>= 4.3.0)
    System.Runtime.InteropServices (4.3.0)
      Microsoft.NETCore.Platforms (>= 1.1.0)
      Microsoft.NETCore.Targets (>= 1.1.0)
      System.Reflection (>= 4.3.0)
      System.Reflection.Primitives (>= 4.3.0)
      System.Runtime (>= 4.3.0)
      System.Runtime.Handles (>= 4.3.0)
    System.Runtime.InteropServices.RuntimeInformation (4.3.0)
      runtime.native.System (>= 4.3.0)
      System.Reflection (>= 4.3.0)
      System.Reflection.Extensions (>= 4.3.0)
      System.Resources.ResourceManager (>= 4.3.0)
      System.Runtime (>= 4.3.0)
      System.Runtime.InteropServices (>= 4.3.0)
      System.Threading (>= 4.3.0)
    System.Runtime.Numerics (4.3.0)
      System.Globalization (>= 4.3.0)
      System.Resources.ResourceManager (>= 4.3.0)
      System.Runtime (>= 4.3.0)
      System.Runtime.Extensions (>= 4.3.0)
    System.Runtime.Serialization.Primitives (4.3.0)
      System.Resources.ResourceManager (>= 4.3.0)
      System.Runtime (>= 4.3.0)
    System.Security.Claims (4.3.0)
      System.Collections (>= 4.3.0)
      System.Globalization (>= 4.3.0)
      System.IO (>= 4.3.0)
      System.Resources.ResourceManager (>= 4.3.0)
      System.Runtime (>= 4.3.0)
      System.Runtime.Extensions (>= 4.3.0)
      System.Security.Principal (>= 4.3.0)
    System.Security.Cryptography.Algorithms (4.3.0)
      Microsoft.NETCore.Platforms (>= 1.1.0)
      runtime.native.System.Security.Cryptography.Apple (>= 4.3.0)
      runtime.native.System.Security.Cryptography.OpenSsl (>= 4.3.0)
      System.Collections (>= 4.3.0)
      System.IO (>= 4.3.0)
      System.Resources.ResourceManager (>= 4.3.0)
      System.Runtime (>= 4.3.0)
      System.Runtime.Extensions (>= 4.3.0)
      System.Runtime.Handles (>= 4.3.0)
      System.Runtime.InteropServices (>= 4.3.0)
      System.Runtime.Numerics (>= 4.3.0)
      System.Security.Cryptography.Encoding (>= 4.3.0)
      System.Security.Cryptography.Primitives (>= 4.3.0)
      System.Text.Encoding (>= 4.3.0)
    System.Security.Cryptography.Cng (4.3.0)
      Microsoft.NETCore.Platforms (>= 1.1.0)
      System.IO (>= 4.3.0)
      System.Resources.ResourceManager (>= 4.3.0)
      System.Runtime (>= 4.3.0)
      System.Runtime.Extensions (>= 4.3.0)
      System.Runtime.Handles (>= 4.3.0)
      System.Runtime.InteropServices (>= 4.3.0)
      System.Security.Cryptography.Algorithms (>= 4.3.0)
      System.Security.Cryptography.Encoding (>= 4.3.0)
      System.Security.Cryptography.Primitives (>= 4.3.0)
      System.Text.Encoding (>= 4.3.0)
    System.Security.Cryptography.Csp (4.3.0)
      Microsoft.NETCore.Platforms (>= 1.1.0)
      System.IO (>= 4.3.0)
      System.Reflection (>= 4.3.0)
      System.Resources.ResourceManager (>= 4.3.0)
      System.Runtime (>= 4.3.0)
      System.Runtime.Extensions (>= 4.3.0)
      System.Runtime.Handles (>= 4.3.0)
      System.Runtime.InteropServices (>= 4.3.0)
      System.Security.Cryptography.Algorithms (>= 4.3.0)
      System.Security.Cryptography.Encoding (>= 4.3.0)
      System.Security.Cryptography.Primitives (>= 4.3.0)
      System.Text.Encoding (>= 4.3.0)
      System.Threading (>= 4.3.0)
    System.Security.Cryptography.Encoding (4.3.0)
      Microsoft.NETCore.Platforms (>= 1.1.0)
      runtime.native.System.Security.Cryptography.OpenSsl (>= 4.3.0)
      System.Collections (>= 4.3.0)
      System.Collections.Concurrent (>= 4.3.0)
      System.Linq (>= 4.3.0)
      System.Resources.ResourceManager (>= 4.3.0)
      System.Runtime (>= 4.3.0)
      System.Runtime.Extensions (>= 4.3.0)
      System.Runtime.Handles (>= 4.3.0)
      System.Runtime.InteropServices (>= 4.3.0)
      System.Security.Cryptography.Primitives (>= 4.3.0)
      System.Text.Encoding (>= 4.3.0)
    System.Security.Cryptography.OpenSsl (4.3.0)
      runtime.native.System.Security.Cryptography.OpenSsl (>= 4.3.0)
      System.Collections (>= 4.3.0)
      System.IO (>= 4.3.0)
      System.Resources.ResourceManager (>= 4.3.0)
      System.Runtime (>= 4.3.0)
      System.Runtime.Extensions (>= 4.3.0)
      System.Runtime.Handles (>= 4.3.0)
      System.Runtime.InteropServices (>= 4.3.0)
      System.Runtime.Numerics (>= 4.3.0)
      System.Security.Cryptography.Algorithms (>= 4.3.0)
      System.Security.Cryptography.Encoding (>= 4.3.0)
      System.Security.Cryptography.Primitives (>= 4.3.0)
      System.Text.Encoding (>= 4.3.0)
    System.Security.Cryptography.Primitives (4.3.0)
      System.Diagnostics.Debug (>= 4.3.0)
      System.Globalization (>= 4.3.0)
      System.IO (>= 4.3.0)
      System.Resources.ResourceManager (>= 4.3.0)
      System.Runtime (>= 4.3.0)
      System.Threading (>= 4.3.0)
      System.Threading.Tasks (>= 4.3.0)
    System.Security.Cryptography.X509Certificates (4.3.0)
      Microsoft.NETCore.Platforms (>= 1.1.0)
      runtime.native.System (>= 4.3.0)
      runtime.native.System.Net.Http (>= 4.3.0)
      runtime.native.System.Security.Cryptography.OpenSsl (>= 4.3.0)
      System.Collections (>= 4.3.0)
      System.Diagnostics.Debug (>= 4.3.0)
      System.Globalization (>= 4.3.0)
      System.Globalization.Calendars (>= 4.3.0)
      System.IO (>= 4.3.0)
      System.IO.FileSystem (>= 4.3.0)
      System.IO.FileSystem.Primitives (>= 4.3.0)
      System.Resources.ResourceManager (>= 4.3.0)
      System.Runtime (>= 4.3.0)
      System.Runtime.Extensions (>= 4.3.0)
      System.Runtime.Handles (>= 4.3.0)
      System.Runtime.InteropServices (>= 4.3.0)
      System.Runtime.Numerics (>= 4.3.0)
      System.Security.Cryptography.Algorithms (>= 4.3.0)
      System.Security.Cryptography.Cng (>= 4.3.0)
      System.Security.Cryptography.Csp (>= 4.3.0)
      System.Security.Cryptography.Encoding (>= 4.3.0)
      System.Security.Cryptography.OpenSsl (>= 4.3.0)
      System.Security.Cryptography.Primitives (>= 4.3.0)
      System.Text.Encoding (>= 4.3.0)
      System.Threading (>= 4.3.0)
    System.Security.Principal (4.3.0)
      System.Runtime (>= 4.3.0)
    System.Security.Principal.Windows (4.3.0)
      Microsoft.NETCore.Platforms (>= 1.1.0)
      Microsoft.Win32.Primitives (>= 4.3.0)
      System.Collections (>= 4.3.0)
      System.Diagnostics.Debug (>= 4.3.0)
      System.Reflection (>= 4.3.0)
      System.Resources.ResourceManager (>= 4.3.0)
      System.Runtime (>= 4.3.0)
      System.Runtime.Extensions (>= 4.3.0)
      System.Runtime.Handles (>= 4.3.0)
      System.Runtime.InteropServices (>= 4.3.0)
      System.Security.Claims (>= 4.3.0)
      System.Security.Principal (>= 4.3.0)
      System.Text.Encoding (>= 4.3.0)
      System.Threading (>= 4.3.0)
    System.Text.Encoding (4.3.0)
      Microsoft.NETCore.Platforms (>= 1.1.0)
      Microsoft.NETCore.Targets (>= 1.1.0)
      System.Runtime (>= 4.3.0)
    System.Text.Encoding.Extensions (4.3.0)
      Microsoft.NETCore.Platforms (>= 1.1.0)
      Microsoft.NETCore.Targets (>= 1.1.0)
      System.Runtime (>= 4.3.0)
      System.Text.Encoding (>= 4.3.0)
    System.Text.RegularExpressions (4.3.0)
      System.Collections (>= 4.3.0)
      System.Globalization (>= 4.3.0)
      System.Resources.ResourceManager (>= 4.3.0)
      System.Runtime (>= 4.3.0)
      System.Runtime.Extensions (>= 4.3.0)
      System.Threading (>= 4.3.0)
    System.Threading (4.3.0)
      System.Runtime (>= 4.3.0)
      System.Threading.Tasks (>= 4.3.0)
    System.Threading.Tasks (4.3.0)
      Microsoft.NETCore.Platforms (>= 1.1.0)
      Microsoft.NETCore.Targets (>= 1.1.0)
      System.Runtime (>= 4.3.0)
    System.Threading.Tasks.Extensions (4.3.0)
      System.Collections (>= 4.3.0)
      System.Runtime (>= 4.3.0)
      System.Threading.Tasks (>= 4.3.0)
    System.Threading.Thread (4.3.0)
      System.Runtime (>= 4.3.0)
    System.Threading.Timer (4.3.0)
      Microsoft.NETCore.Platforms (>= 1.1.0)
      Microsoft.NETCore.Targets (>= 1.1.0)
      System.Runtime (>= 4.3.0)
    System.Xml.ReaderWriter (4.3.0)
      System.Collections (>= 4.3.0)
      System.Diagnostics.Debug (>= 4.3.0)
      System.Globalization (>= 4.3.0)
      System.IO (>= 4.3.0)
      System.IO.FileSystem (>= 4.3.0)
      System.IO.FileSystem.Primitives (>= 4.3.0)
      System.Resources.ResourceManager (>= 4.3.0)
      System.Runtime (>= 4.3.0)
      System.Runtime.Extensions (>= 4.3.0)
      System.Runtime.InteropServices (>= 4.3.0)
      System.Text.Encoding (>= 4.3.0)
      System.Text.Encoding.Extensions (>= 4.3.0)
      System.Text.RegularExpressions (>= 4.3.0)
      System.Threading.Tasks (>= 4.3.0)
      System.Threading.Tasks.Extensions (>= 4.3.0)
    System.Xml.XDocument (4.3.0)
      System.Collections (>= 4.3.0)
      System.Diagnostics.Debug (>= 4.3.0)
      System.Diagnostics.Tools (>= 4.3.0)
      System.Globalization (>= 4.3.0)
      System.IO (>= 4.3.0)
      System.Reflection (>= 4.3.0)
      System.Resources.ResourceManager (>= 4.3.0)
      System.Runtime (>= 4.3.0)
      System.Runtime.Extensions (>= 4.3.0)
      System.Text.Encoding (>= 4.3.0)
      System.Threading (>= 4.3.0)
      System.Xml.ReaderWriter (>= 4.3.0)
    System.Xml.XmlDocument (4.3.0)
      System.Collections (>= 4.3.0)
      System.Diagnostics.Debug (>= 4.3.0)
      System.Globalization (>= 4.3.0)
      System.IO (>= 4.3.0)
      System.Resources.ResourceManager (>= 4.3.0)
      System.Runtime (>= 4.3.0)
      System.Runtime.Extensions (>= 4.3.0)
      System.Text.Encoding (>= 4.3.0)
      System.Threading (>= 4.3.0)
      System.Xml.ReaderWriter (>= 4.3.0)
    System.Xml.XmlSerializer (4.3.0)
      System.Collections (>= 4.3.0)
      System.Globalization (>= 4.3.0)
      System.IO (>= 4.3.0)
      System.Linq (>= 4.3.0)
      System.Reflection (>= 4.3.0)
      System.Reflection.Emit (>= 4.3.0)
      System.Reflection.Emit.ILGeneration (>= 4.3.0)
      System.Reflection.Extensions (>= 4.3.0)
      System.Reflection.Primitives (>= 4.3.0)
      System.Reflection.TypeExtensions (>= 4.3.0)
      System.Resources.ResourceManager (>= 4.3.0)
      System.Runtime (>= 4.3.0)
      System.Runtime.Extensions (>= 4.3.0)
      System.Text.RegularExpressions (>= 4.3.0)
      System.Threading (>= 4.3.0)
      System.Xml.ReaderWriter (>= 4.3.0)
      System.Xml.XmlDocument (>= 4.3.0)
    Tavis.UriTemplates (1.1)
      NETStandard.Library (>= 1.6.0)
    VDS.Common (1.6.4)
    xunit (2.1)
      xunit.assert (2.1.0)
      xunit.core (2.1.0)
    xunit.abstractions (2.0.0)
    xunit.assert (2.1.0)
    xunit.core (2.1.0)
      xunit.extensibility.core (2.1.0)
      xunit.extensibility.execution (2.1.0)
    xunit.extensibility.core (2.1.0)
      xunit.abstractions (2.0.0)
    xunit.extensibility.execution (2.1.0)
      xunit.extensibility.core (2.1.0)
HTTP
  remote: https://gist.githubusercontent.com
  specs:
    vocabulary.tt (/tpluscode/5d9c6983004c1c9ec91f/raw/2a5f0785c2686635f1b8ab21af1751d276d02727/vocabulary.tt)
  remote: https://raw.githubusercontent.com
  specs:
    core.jsonld (/HydraCG/Specifications/master/spec/latest/core/core.jsonld)
  remote: http://rdf-translator.appspot.com
  specs:
    hydra.rdf (/convert/json-ld/xml/https%3A%2F%2Fraw.githubusercontent.com%2FHydraCG%2FSpecifications%2Fmaster%2Fspec%2Flatest%2Fcore%2Fcore.jsonld)