REDIRECTS: ON
COPY-LOCAL: TRUE
RESTRICTION: == net452
NUGET
  remote: https://www.nuget.org/api/v2
    AngleSharp (0.9.9)
    AsyncUsageAnalyzers (1.0.0-alpha003)
    dotNetRDF (1.0.12)
      HtmlAgilityPack (>= 1.4.9)
      Newtonsoft.Json (>= 8.0.3)
      VDS.Common (1.6.4)
    FakeItEasy (4.2)
    FluentAssertions (4.19.4)
    Fody (2.2.1) - content: none
    gitlink (3.1)
    GitVersionTask (3.6.5)
    HtmlAgilityPack (1.6.4)
    ImpromptuInterface (6.2.2)
    JetBrains.Annotations (11.1)
    JetBrainsAnnotations.Fody (2.0)
      Fody (>= 2.1.2)
    json-ld.net (1.0.5)
      Newtonsoft.Json (>= 6.0.4)
    JsonLd.Entities (0.3.4)
      json-ld.net (>= 1.0.5)
      Newtonsoft.Json (>= 9.0)
    Microsoft.Owin (3.1)
      Owin (>= 1.0)
    Microsoft.Owin.Host.SystemWeb (3.1)
      Microsoft.Owin (>= 3.1)
      Owin (>= 1.0)
    Microsoft.Owin.Hosting (3.1)
      Microsoft.Owin (>= 3.1)
      Owin (>= 1.0)
    Nancy (2.0.0-clinteastwood)
    Nancy.Authentication.Basic (2.0.0-clinteastwood)
      AsyncUsageAnalyzers (>= 1.0.0-alpha003)
      Nancy (>= 2.0.0-clinteastwood)
    Nancy.Authentication.Forms (2.0.0-clinteastwood)
      AsyncUsageAnalyzers (>= 1.0.0-alpha003)
      Nancy (>= 2.0.0-clinteastwood)
    Nancy.Owin (2.0.0-clinteastwood)
      AsyncUsageAnalyzers (>= 1.0.0-alpha003)
      Nancy (>= 2.0.0-clinteastwood)
      Owin (>= 1.0)
    Nancy.Rdf (0.3)
      dotNetRDF
      JsonLd.Entities (>= 0.3.3)
      Nancy (>= 2.0.0-barneyrubble)
      Rdf.Vocabularies
    Nancy.Testing (2.0.0-clinteastwood)
      AngleSharp (>= 0.9.8.1)
      AsyncUsageAnalyzers (>= 1.0.0-alpha003)
      Nancy (>= 2.0.0-clinteastwood)
      Nancy.Authentication.Forms (>= 2.0.0-clinteastwood)
    Newtonsoft.Json (10.0.3)
    NullGuard.Fody (1.6.2)
      Fody (>= 2.1.2)
    OpenCover (4.6.519)
    Owin (1.0)
    Rdf.Vocabularies (1.2)
    Resourcer.Fody (1.5.1)
      Fody (>= 2.0)
    StyleCop.Analyzers (1.0.2)
    TunnelVisionLabs.Net.UriTemplate (1.0.0-beta004)
    VDS.Common (1.6.4)
    xunit (2.3.1)
      xunit.analyzers (>= 0.7)
      xunit.assert (2.3.1)
      xunit.core (2.3.1)
    xunit.abstractions (2.0.1)
    xunit.analyzers (0.7)
    xunit.assert (2.3.1)
    xunit.core (2.3.1)
      xunit.extensibility.core (2.3.1)
      xunit.extensibility.execution (2.3.1)
    xunit.extensibility.core (2.3.1)
      xunit.abstractions (>= 2.0.1)
    xunit.extensibility.execution (2.3.1)
      xunit.extensibility.core (2.3.1)
  remote: https://www.myget.org/F/tpluscode/api/v3/index.json
    tpluscode.Library.Ruleset (1.0.0)
    tpluscode.NoDocumentation.Ruleset (1.0.0)
    tpluscode.UnitTests.Ruleset (1.0.0)
HTTP
  remote: https://gist.githubusercontent.com
    vocabulary.tt (/tpluscode/5d9c6983004c1c9ec91f/raw/2a5f0785c2686635f1b8ab21af1751d276d02727/vocabulary.tt)
  remote: https://raw.githubusercontent.com
    core.jsonld (/HydraCG/Specifications/master/spec/latest/core/core.jsonld)
  remote: http://rdf-translator.appspot.com
    hydra.rdf (/convert/json-ld/xml/https%3A%2F%2Fraw.githubusercontent.com%2FHydraCG%2FSpecifications%2Fmaster%2Fspec%2Flatest%2Fcore%2Fcore.jsonld)