REDIRECTS: ON
COPY-LOCAL: TRUE
CONTENT: NONE
FRAMEWORK: NET40, NET45
NUGET
  remote: https://www.nuget.org/api/v2
  specs:
    CsQuery (1.3.4)
    FluentAssertions (4.2.2)
    Fody (1.29.4)
    gitlink (2.2.0)
    GitVersionTask (3.4.1)
    JetBrainsAnnotations.Fody (1.0.4)
      Fody (>= 1.29.2)
    JsonLd.Entities (0.3.0)
      json-ld.net (>= 1.0.0)
    json-ld.net (1.0.4)
      Newtonsoft.Json (>= 4.0.1)
    Nancy (1.4.3)
    Nancy.Testing (1.4.1)
      CsQuery (>= 1.3.3)
      Nancy (>= 1.4.1)
    Newtonsoft.Json (8.0.2)
    NullGuard.Fody (1.4.6)
      Fody (>= 1.29.2)
    Resourcer.Fody (1.4.1)
      Fody (>= 1.29.2)
    StyleCop.MSBuild (4.7.50)
    StyleCopPlus.MSBuild (4.7.49.5)
      StyleCop.MSBuild (>= 4.7.49.0)
    TunnelVisionLabs.Net.UriTemplate (1.0.0-beta004)
    xunit (2.1.0)
      xunit.assert (2.1.0)
      xunit.core (2.1.0)
    xunit.abstractions (2.0.0) - framework: net45
    xunit.assert (2.1.0)
    xunit.core (2.1.0)
      xunit.extensibility.core (2.1.0) - framework: net45
      xunit.extensibility.execution (2.1.0) - framework: net45
    xunit.extensibility.core (2.1.0) - framework: net45
      xunit.abstractions (2.0.0)
    xunit.extensibility.execution (2.1.0) - framework: net45
      xunit.extensibility.core (2.1.0) - framework: net45
GIT
  remote: https://gist.github.com/5d9c6983004c1c9ec91f.git
  specs:
     (2a5f0785c2686635f1b8ab21af1751d276d02727)
HTTP
  remote: http://www.w3.org
  specs:
    context.jsonld (/ns/hydra/context.jsonld)
  remote: http://rdf-translator.appspot.com
  specs:
    hydra.rdf (/convert/json-ld/xml/https%3A%2F%2Fraw.githubusercontent.com%2FHydraCG%2FSpecifications%2Fmaster%2Fspec%2Flatest%2Fcore%2Fcore.jsonld)