REDIRECTS: ON
COPY-LOCAL: TRUE
CONTENT: NONE
FRAMEWORK: NET40, NET45
NUGET
  remote: https://www.nuget.org/api/v2
  specs:
    Fody (1.29.4)
    GitVersionTask (3.4.1)
    JetBrainsAnnotations.Fody (1.0.4)
      Fody (>= 1.29.2)
    JsonLd.Entities (0.3.0)
      json-ld.net (>= 1.0.0)
    json-ld.net (1.0.4)
      Newtonsoft.Json (>= 4.0.1)
    Nancy (1.4.3)
    Newtonsoft.Json (8.0.2)
    NullGuard.Fody (1.4.6)
      Fody (>= 1.29.2)
    Resourcer.Fody (1.4.1)
      Fody (>= 1.29.2)
    StyleCop.MSBuild (4.7.50)
    StyleCopPlus.MSBuild (4.7.49.5)
      StyleCop.MSBuild (>= 4.7.49.0)
HTTP
  remote: http://www.w3.org
  specs:
    context.jsonld (/ns/hydra/context.jsonld)