REDIRECTS: ON
COPY-LOCAL: TRUE
CONTENT: NONE
FRAMEWORK: NET40, NET45
NUGET
  remote: https://www.nuget.org/api/v2
  specs:
    CsQuery (1.3.4)
    dotNetRDF (1.0.9.3683)
      HtmlAgilityPack (>= 1.4.9)
      Newtonsoft.Json (>= 6.0.8)
      VDS.Common (1.6.0)
    FakeItEasy (1.25.3)
    FluentAssertions (4.2.2)
    Fody (1.29.4)
    gitlink (2.2.0)
    GitVersionTask (3.4.1)
    HtmlAgilityPack (1.4.9)
    JetBrainsAnnotations.Fody (1.0.4)
      Fody (>= 1.29.2)
    json-ld.net (1.0.4)
      Newtonsoft.Json (>= 4.0.1)
    Microsoft.Owin (3.0.1)
      Owin (>= 1.0)
    Microsoft.Owin.Host.SystemWeb (3.0.1)
      Microsoft.Owin (>= 3.0.1)
      Owin (>= 1.0)
    Microsoft.Owin.Hosting (3.0.1)
      Microsoft.Owin (>= 3.0.1)
      Owin (>= 1.0)
    Nancy (1.4.3)
    Nancy.Owin (1.4.1)
      Nancy (>= 1.4.1)
      Owin (>= 1.0)
    Nancy.Testing (1.4.1)
      CsQuery (>= 1.3.3)
      Nancy (>= 1.4.1)
    Newtonsoft.Json (8.0.3)
    NullGuard.Fody (1.4.6)
      Fody (>= 1.29.2)
    Owin (1.0)
    Rdf.Vocabularies (1.1.0)
    Resourcer.Fody (1.4.1)
      Fody (>= 1.29.2)
    StyleCop.MSBuild (4.7.50)
    StyleCopPlus.MSBuild (4.7.49.5)
      StyleCop.MSBuild (>= 4.7.49.0)
    TunnelVisionLabs.Net.UriTemplate (1.0.0-beta004)
    VDS.Common (1.6.0)
    xunit (2.1.0)
      xunit.assert (2.1.0)
      xunit.core (2.1.0)
    xunit.abstractions (2.0.0) - framework: net45
    xunit.assert (2.1.0)
    xunit.core (2.1.0)
      xunit.extensibility.core (2.1.0) - framework: net45
      xunit.extensibility.execution (2.1.0) - framework: net45
    xunit.extensibility.core (2.1.0) - framework: net45
      xunit.abstractions (2.0.0)
    xunit.extensibility.execution (2.1.0) - framework: net45
      xunit.extensibility.core (2.1.0) - framework: net45
  remote: https://ci.appveyor.com/nuget/jsonld-entities-aavhsnxi7xjp
  specs:
    JsonLD.Entities (0.3.1-pre0028)
      json-ld.net
  remote: https://ci.appveyor.com/nuget/nancy-rdf-kh5o73kjrn37
  specs:
    Nancy.Rdf (0.2.0-pre0049)
      dotNetRDF
      JsonLD.Entities (>= 0.3.1-pre0017)
      Nancy
HTTP
  remote: https://gist.githubusercontent.com
  specs:
    vocabulary.tt (/tpluscode/5d9c6983004c1c9ec91f/raw/2a5f0785c2686635f1b8ab21af1751d276d02727/vocabulary.tt)
  remote: https://raw.githubusercontent.com
  specs:
    core.jsonld (/HydraCG/Specifications/master/spec/latest/core/core.jsonld)
  remote: http://rdf-translator.appspot.com
  specs:
    hydra.rdf (/convert/json-ld/xml/https%3A%2F%2Fraw.githubusercontent.com%2FHydraCG%2FSpecifications%2Fmaster%2Fspec%2Flatest%2Fcore%2Fcore.jsonld)